GIT
  remote: https://github.com/hideki-a/hologram.git
  revision: 86994dd1cddcfb72913120859dbbca94656fd8a7
  branch: scss-patch
  specs:
    hologram (1.3.1)
      redcarpet (>= 2.2, < 4.0)
      rouge (>= 1.5)

GEM
  remote: http://rubygems.org/
  specs:
    redcarpet (3.2.2)
    rouge (1.8.0)

PLATFORMS
  ruby

DEPENDENCIES
  hologram!
