GIT
  remote: https://github.com/hideki-a/hologram.git
  revision: eda425684872314848d6313a16a9e6bfe6db88d5
  branch: scss-patch-2
  specs:
    hologram (1.4.0)
      redcarpet (>= 2.2, < 4.0)
      rouge (>= 1.5)

GEM
  remote: http://rubygems.org/
  specs:
    redcarpet (3.3.4)
    rouge (1.10.1)

PLATFORMS
  ruby

DEPENDENCIES
  hologram!

BUNDLED WITH
   1.11.2
